REDIRECTS: ON
STRATEGY: MAX
FRAMEWORK: >= NET46
NUGET
  remote: https://www.nuget.org/api/v2
    FsCheck (2.5)
      FSharp.Core (>= 3.1.2.5)
    FsCheck.Nunit (2.5)
      FsCheck (>= 2.5)
      NUnit (>= 2.6.4 < 2.7)
      NUnit.Runners (>= 2.6.4 < 2.7)
    FSharp.Charting (0.90.14)
    FSharp.Compiler.Service (2.0.0.6)
    FSharp.Core (4.0.0.1)
    FSharp.Data (2.3.1)
    FSharp.Formatting (2.14.4)
      FSharp.Compiler.Service (2.0.0.6)
      FSharpVSPowerTools.Core (>= 2.3 < 2.4)
    FSharp.Quotations.Evaluator (1.0.7)
    FSharpVSPowerTools.Core (2.3)
      FSharp.Compiler.Service (>= 2.0.0.3)
    NUnit (2.6.4)
    NUnit.Runners (2.6.4)
