FRAMEWORK: >= NET46
NUGET
  remote: https://www.nuget.org/api/v2
    FsCheck (2.2.3)
      FSharp.Core (>= 3.1.2.5)
    FsCheck.Nunit (2.2.3)
      FsCheck (>= 2.2.3)
      NUnit (>= 2.6.4 < 2.7)
      NUnit.Runners (>= 2.6.4 < 2.7)
    FSharp.Charting (0.90.12)
    FSharp.Compiler.Service (0.0.90)
    FSharp.Core (3.1.2.5)
    FSharp.Data (2.2.5)
    FSharp.Formatting (2.10.3)
      FSharp.Compiler.Service (>= 0.0.90 <= 1.3)
      FSharpVSPowerTools.Core (1.9)
    FSharp.Quotations.Evaluator (1.0.6)
    FSharpVSPowerTools.Core (1.9)
      FSharp.Compiler.Service (>= 0.0.90)
    NUnit (2.6.4)
    NUnit.Runners (2.6.4)
